GEM
  remote: https://rubygems.org/
  specs:
    ast (2.4.1)
    axiom-types (0.1.1)
      descendants_tracker (~> 0.0.4)
      ice_nine (~> 0.11.0)
      thread_safe (~> 0.3, >= 0.3.1)
    codeclimate-engine-rb (0.4.1)
      virtus (~> 1.0)
    coercible (1.0.0)
      descendants_tracker (~> 0.0.1)
    descendants_tracker (0.0.4)
      thread_safe (~> 0.3, >= 0.3.1)
    docopt (0.6.1)
    equalizer (0.0.11)
    ffi (1.13.1)
    ffi-rzmq (2.0.7)
      ffi-rzmq-core (>= 1.0.7)
    ffi-rzmq-core (1.0.7)
      ffi
    google-protobuf (3.13.0)
    ice_nine (0.11.2)
    kwalify (0.7.2)
    parallel (1.19.2)
    parser (2.7.1.4)
      ast (~> 2.4.1)
    psych (3.1.0)
    rainbow (3.0.0)
    reek (5.6.0)
      codeclimate-engine-rb (~> 0.4.0)
      kwalify (~> 0.7.0)
      parser (>= 2.5.0.0, < 2.8, != 2.5.1.1)
      psych (~> 3.1.0)
      rainbow (>= 2.0, < 4.0)
    regexp_parser (1.7.1)
    rexml (3.2.4)
    rubocop (0.90.0)
      parallel (~> 1.10)
      parser (>= 2.7.1.1)
      rainbow (>= 2.2.2, < 4.0)
      regexp_parser (>= 1.7)
      rexml
      rubocop-ast (>= 0.3.0, < 1.0)
      ruby-progressbar (~> 1.7)
      unicode-display_width (>= 1.4.0, < 2.0)
    rubocop-ast (0.4.0)
      parser (>= 2.7.1.4)
    ruby-progressbar (1.10.1)
    thread_safe (0.3.6)
    unicode-display_width (1.7.0)
    virtus (1.0.5)
      axiom-types (~> 0.1)
      coercible (~> 1.0)
      descendants_tracker (~> 0.0, >= 0.0.3)
      equalizer (~> 0.0, >= 0.0.9)

PLATFORMS
  ruby

DEPENDENCIES
  docopt (~> 0.6)
  ffi-rzmq (~> 2.0)
  google-protobuf (~> 3.0)
  reek (~> 5.6)
  rubocop (~> 0.7)

BUNDLED WITH
   2.1.4
