GEM
  remote: https://rubygems.org/
  specs:
    docopt (0.6.1)
    ffi (1.11.1)
    ffi-rzmq (2.0.7)
      ffi-rzmq-core (>= 1.0.7)
    ffi-rzmq-core (1.0.7)
      ffi
    google-protobuf (3.9.0)

PLATFORMS
  ruby

DEPENDENCIES
  docopt (~> 0.6.1)
  ffi-rzmq (~> 2.0)
  google-protobuf (~> 3.9)

BUNDLED WITH
   1.17.2
